GEM
  remote: https://rubygems.org/
  specs:
    CFPropertyList (2.3.2)
    awesome_print (1.6.1)
    builder (3.2.2)
    calabash (2.0.0.pre6)
      awesome_print
      bundler (>= 1.3.0, < 2.0)
      clipboard
      edn (>= 1.0.6, < 2.0)
      escape (>= 0.0.4, < 1.0)
      geocoder (>= 1.1.8, < 2.0)
      httpclient (~> 2.6)
      json
      luffa
      rubyzip (~> 1.1)
      run_loop (>= 2.0.2, < 3.0)
    calabash-android (0.5.15)
      awesome_print (~> 1.2)
      cucumber
      escape (~> 0.0.4)
      httpclient (>= 2.3.2, < 3.0)
      json (~> 1.8)
      retriable (>= 1.3.3.1, < 1.5)
      rubyzip (~> 1.1)
      slowhandcuke (~> 0.0.3)
    clipboard (1.0.6)
    command_runner_ng (0.1.0)
    cucumber (2.1.0)
      builder (>= 2.1.2)
      cucumber-core (~> 1.3.0)
      diff-lcs (>= 1.1.3)
      gherkin3 (~> 3.1.0)
      multi_json (>= 1.7.5, < 2.0)
      multi_test (>= 0.1.2)
    cucumber-core (1.3.0)
      gherkin3 (~> 3.1.0)
    diff-lcs (1.2.5)
    domain_name (0.5.24)
      unf (>= 0.0.5, < 1.0.0)
    edn (1.1.0)
    escape (0.0.4)
    geocoder (1.3.0)
    gherkin3 (3.1.2)
    http-cookie (1.0.2)
      domain_name (~> 0.5)
    httpclient (2.7.0.1)
    json (1.8.3)
    luffa (2.0.0)
      awesome_print (~> 1.2)
      json (~> 1.8)
      retriable (>= 1.3.3.1, < 2.1)
      thor (~> 0.19)
    mime-types (2.6.2)
    multi_json (1.11.2)
    multi_test (0.1.2)
    netrc (0.10.3)
    rest-client (1.8.0)
      http-cookie (>= 1.0.2, < 2.0)
      mime-types (>= 1.16, < 3.0)
      netrc (~> 0.7)
    retriable (1.4.1)
    rubyzip (1.1.7)
    run_loop (2.0.5)
      CFPropertyList (~> 2.2)
      awesome_print (~> 1.2)
      command_runner_ng (>= 0.0.2)
      json (~> 1.8)
      thor (>= 0.18.1, < 1.0)
    slowhandcuke (0.0.3)
      cucumber
    thor (0.19.1)
    unf (0.1.4)
      unf_ext
    unf_ext (0.0.7.1)
    xamarin-test-cloud (1.1.2)
      bundler (>= 1.3.0, < 2.0)
      json (~> 1.8)
      rest-client (~> 1.6)
      retriable (>= 1.3.3.1, < 2.1)
      rubyzip (~> 1.1)
      thor (>= 0.18.1, < 1.0)

PLATFORMS
  ruby

DEPENDENCIES
  calabash (~> 2.0.0.pre6)
  calabash-android (~> 0.5.15)
  cucumber
  xamarin-test-cloud

BUNDLED WITH
   1.10.6
